REDIRECTS: ON
NUGET
  remote: https://www.nuget.org/api/v2
    FSharp.Compiler.Service (2.0.0.6)
    FSharp.Core (4.0.0.1)
    FSharp.Formatting (2.14.4)
      FSharp.Compiler.Service (2.0.0.6)
      FSharpVSPowerTools.Core (>= 2.3 < 2.4)
    FSharpVSPowerTools.Core (2.3)
      FSharp.Compiler.Service (>= 2.0.0.3)
GITHUB
  remote: fsprojects/reveal.js
    FULLPROJECT (539e774d31f91676bcc3f75e28168921cd27d819)
GROUP Build
NUGET
  remote: https://www.nuget.org/api/v2
    FAKE (4.45.1)
    Microsoft.Bcl (1.1.10) - framework: net10, net11, net20, net30, net35, net40, net40-full
      Microsoft.Bcl.Build (>= 1.0.14)
    Microsoft.Bcl.Build (1.0.21) - import_targets: false, framework: net10, net11, net20, net30, net35, net40, net40-full
    Microsoft.Net.Http (2.2.29) - framework: net10, net11, net20, net30, net35, net40, net40-full
      Microsoft.Bcl (>= 1.1.10)
      Microsoft.Bcl.Build (>= 1.0.14)
    Octokit (0.23)
      Microsoft.Net.Http  - framework: net10, net11, net20, net30, net35, net40, net40-full
    SourceLink.Fake (1.1)
GITHUB
  remote: fsharp/FAKE
    modules/Octokit/Octokit.fsx (f367c3d28b1fc9a2a89636c2b870dea4b4559dca)
      Octokit (>= 0.20)
GROUP Test
NUGET
  remote: https://www.nuget.org/api/v2
    NUnit (2.6.4)
    NUnit.Runners (2.6.4)
GITHUB
  remote: forki/FsUnit
    FsUnit.fs (f536bd5ed0eba8b38d2b01ae79d64e4e14fbd0a6)