FRAMEWORK: NET461
NUGET
  remote: https://www.nuget.org/api/v2
    FAKE (4.61.2)
    FSharp.Compiler.Service (2.0.0.6)
    FSharp.Core (4.1.17)
      System.ValueTuple (>= 4.3)
    FSharp.Formatting (2.14.4)
      FSharp.Compiler.Service (2.0.0.6)
      FSharpVSPowerTools.Core (>= 2.3 < 2.4)
    FSharpVSPowerTools.Core (2.3)
      FSharp.Compiler.Service (>= 2.0.0.3)
    FsReveal (1.3.1)
      FSharp.Formatting (>= 2.11)
    Suave (2.1)
      FSharp.Core (>= 4.0.0.1)
    System.ValueTuple (4.3.1)
