REDIRECTS: ON
FRAMEWORK: NET461
NUGET
  remote: https://www.nuget.org/api/v2
    FSharp.Compiler.Service (2.0.0.6)
    FSharp.Core (4.1.17)
      System.ValueTuple (>= 4.3)
    FSharp.Formatting (2.14.4)
      FSharp.Compiler.Service (2.0.0.6)
      FSharpVSPowerTools.Core (>= 2.3 < 2.4)
    FSharpVSPowerTools.Core (2.3)
      FSharp.Compiler.Service (>= 2.0.0.3)
    System.ValueTuple (4.3.1)
GITHUB
  remote: logary/logary
    src/Logary.Facade/Facade.fs (f1d5a7bd317381f014d50ed693e507505b207616)
  remote: fsprojects/reveal.js
    FULLPROJECT (539e774d31f91676bcc3f75e28168921cd27d819)
GROUP Build
FRAMEWORK: NET461
NUGET
  remote: https://www.nuget.org/api/v2
    FAKE (4.61.2)
    Octokit (0.24)
    SourceLink.Fake (1.1)
GITHUB
  remote: fsharp/FAKE
    modules/Octokit/Octokit.fsx (1ada6a9c84aada940bd7e6a7b63c0dc62e2fa56e)
      Octokit (>= 0.20)
GROUP Test
FRAMEWORK: NET461
NUGET
  remote: https://www.nuget.org/api/v2
    Argu (3.7)
    Expecto (4.2.1)
      Argu (>= 3.7)
      FSharp.Core (>= 4.1.12)
      Mono.Cecil (>= 0.9.6.4)
    Expecto.FsCheck (4.2.1)
      Expecto (>= 4.2.1)
      FsCheck (>= 2.8)
      FSharp.Core (>= 4.1.12)
    FsCheck (2.9)
      FSharp.Core (>= 4.1)
    FSharp.Core (4.1.17)
      System.ValueTuple (>= 4.3)
    Mono.Cecil (0.9.6.4)
    System.ValueTuple (4.3.1)
